GEM
  remote: https://rubygems.org/
  specs:
    coderay (1.1.3)
    faraday (1.0.1)
      multipart-post (>= 1.2, < 3)
    figaro (1.2.0)
      thor (>= 0.14.0, < 2)
    method_source (1.0.0)
    minitest (5.14.2)
    multipart-post (2.1.1)
    o_stream_catcher (0.0.1)
    pry (0.13.1)
      coderay (~> 1.1)
      method_source (~> 1.0)
    thor (1.0.1)

PLATFORMS
  ruby

DEPENDENCIES
  faraday
  figaro
  minitest
  o_stream_catcher
  pry

BUNDLED WITH
   2.1.4
